GEM
  remote: https://rubygems.org/
  specs:
    erubis (2.7.0)
    multi_json (1.15.0)
    mustermann (2.0.2)
      ruby2_keywords (~> 0.0.1)
    rack (2.2.4)
    rack-protection (2.2.2)
      rack
    ruby2_keywords (0.0.5)
    sinatra (2.2.2)
      mustermann (~> 2.0)
      rack (~> 2.2)
      rack-protection (= 2.2.2)
      tilt (~> 2.0)
    sinatra-contrib (2.2.2)
      multi_json
      mustermann (~> 2.0)
      rack-protection (= 2.2.2)
      sinatra (= 2.2.2)
      tilt (~> 2.0)
    tilt (2.0.11)

PLATFORMS
  x86_64-linux

DEPENDENCIES
  erubis
  sinatra
  sinatra-contrib

BUNDLED WITH
   2.3.22
